GEM
  remote: https://rubygems.org/
  specs:
    diff-lcs (1.2.5)
    gosu (0.8.7.2)
    rspec (3.2.0)
      rspec-core (~> 3.2.0)
      rspec-expectations (~> 3.2.0)
      rspec-mocks (~> 3.2.0)
    rspec-core (3.2.3)
      rspec-support (~> 3.2.0)
    rspec-expectations (3.2.1)
      diff-lcs (>= 1.2.0, < 2.0)
      rspec-support (~> 3.2.0)
    rspec-mocks (3.2.1)
      diff-lcs (>= 1.2.0, < 2.0)
      rspec-support (~> 3.2.0)
    rspec-support (3.2.2)
    texplay (0.4.4.pre)
      gosu (>= 0.7.25)

PLATFORMS
  ruby

DEPENDENCIES
  gosu
  rspec
  texplay (= 0.4.4.pre)
